GIT
  remote: git://github.com/ambethia/passiverecord.git
  revision: cdf0747243e9bbf067ab6fea8cc6cc8f860112b1
  specs:
    passiverecord (0.2)

GIT
  remote: git://github.com/shanti-uva/shanti_integration.git
  revision: 6b32dafe0dc296528a52f0647cc05351516f7f5d
  tag: v2.1.9
  specs:
    shanti_integration (2.1.9)
      rails (~> 3.2.8)

GIT
  remote: git://github.com/thl/authenticated_system.git
  revision: 2ac68087a70230d93d3a3b314748bb4f20271a72
  tag: v2.1.4
  specs:
    authenticated_system (2.1.4)
      rails (~> 3.2.8)

GIT
  remote: git://github.com/thl/complex_scripts.git
  revision: a07de6c23ad58270266bcd50e2bcfdaf24017b54
  tag: v2.0.9
  specs:
    complex_scripts (2.0.9)
      passiverecord (= 0.2)
      rails (~> 3.2.8)

GIT
  remote: git://github.com/thl/interface_utils.git
  revision: 961ae0cae81f080110968a9478c212e94fec1ca8
  tag: v2.0.5
  specs:
    interface_utils (2.0.5)
      rails (~> 3.2.11)

GEM
  remote: https://rubygems.org/
  specs:
    actionmailer (3.2.13)
      actionpack (= 3.2.13)
      mail (~> 2.5.3)
    actionpack (3.2.13)
      activemodel (= 3.2.13)
      activesupport (= 3.2.13)
      builder (~> 3.0.0)
      erubis (~> 2.7.0)
      journey (~> 1.0.4)
      rack (~> 1.4.5)
      rack-cache (~> 1.2)
      rack-test (~> 0.6.1)
      sprockets (~> 2.2.1)
    activemodel (3.2.13)
      activesupport (= 3.2.13)
      builder (~> 3.0.0)
    activerecord (3.2.13)
      activemodel (= 3.2.13)
      activesupport (= 3.2.13)
      arel (~> 3.0.2)
      tzinfo (~> 0.3.29)
    activeresource (3.2.13)
      activemodel (= 3.2.13)
      activesupport (= 3.2.13)
    activesupport (3.2.13)
      i18n (= 0.6.1)
      multi_json (~> 1.0)
    annotate (2.5.0)
      rake
    arel (3.0.2)
    builder (3.0.4)
    cgi_multipart_eof_fix (2.5.0)
    coffee-rails (3.2.2)
      coffee-script (>= 2.2.0)
      railties (~> 3.2.0)
    coffee-script (2.2.0)
      coffee-script-source
      execjs
    coffee-script-source (1.6.3)
    columnize (0.3.6)
    daemons (1.1.9)
    dynamic_form (1.1.4)
    erubis (2.7.0)
    execjs (2.0.2)
    fastthread (1.0.7)
    gem_plugin (0.2.3)
    hike (1.2.3)
    hpricot (0.8.6)
    i18n (0.6.1)
    journey (1.0.4)
    jquery-rails (3.0.4)
      railties (>= 3.0, < 5.0)
      thor (>= 0.14, < 2.0)
    json (1.8.1)
    libv8 (3.3.10.2)
    linecache (0.46)
      rbx-require-relative (> 0.0.4)
    mail (2.5.4)
      mime-types (~> 1.16)
      treetop (~> 1.4.8)
    memcache-client (1.8.5)
    mime-types (1.25)
    mongrel (1.1.5)
      cgi_multipart_eof_fix (>= 2.4)
      daemons (>= 1.0.3)
      fastthread (>= 1.0.1)
      gem_plugin (>= 0.2.3)
    multi_json (1.8.2)
    mysql2 (0.3.13)
    open_id_authentication (1.2.0)
      rack-openid (~> 1.3)
    polyglot (0.3.3)
    rack (1.4.5)
    rack-cache (1.2)
      rack (>= 0.4)
    rack-openid (1.4.0)
      rack (>= 1.1.0)
      ruby-openid (>= 2.1.8)
    rack-ssl (1.3.3)
      rack
    rack-test (0.6.2)
      rack (>= 1.0)
    rails (3.2.13)
      actionmailer (= 3.2.13)
      actionpack (= 3.2.13)
      activerecord (= 3.2.13)
      activeresource (= 3.2.13)
      activesupport (= 3.2.13)
      bundler (~> 1.0)
      railties (= 3.2.13)
    railties (3.2.13)
      actionpack (= 3.2.13)
      activesupport (= 3.2.13)
      rack-ssl (~> 1.3.2)
      rake (>= 0.8.7)
      rdoc (~> 3.4)
      thor (>= 0.14.6, < 2.0)
    rake (10.1.0)
    rbx-require-relative (0.0.9)
    rdoc (3.12.2)
      json (~> 1.4)
    ruby-debug (0.10.4)
      columnize (>= 0.1)
      ruby-debug-base (~> 0.10.4.0)
    ruby-debug-base (0.10.4)
      linecache (>= 0.3)
    ruby-openid (2.3.0)
    sass (3.2.12)
    sass-rails (3.2.6)
      railties (~> 3.2.0)
      sass (>= 3.1.10)
      tilt (~> 1.3)
    sprockets (2.2.2)
      hike (~> 1.2)
      multi_json (~> 1.0)
      rack (~> 1.0)
      tilt (~> 1.1, != 1.3.0)
    therubyracer (0.10.2)
      libv8 (~> 3.3.10)
    thor (0.18.1)
    tilt (1.4.1)
    tinymce-rails (3.5.6)
      railties (>= 3.1.1)
    treetop (1.4.15)
      polyglot
      polyglot (>= 0.3.1)
    tzinfo (0.3.38)
    uglifier (2.3.0)
      execjs (>= 0.3.0)
      json (>= 1.8.0)
    will_paginate (3.0.5)

PLATFORMS
  ruby

DEPENDENCIES
  annotate
  authenticated_system (= 2.1.4)!
  coffee-rails (~> 3.2.1)
  complex_scripts (= 2.0.9)!
  dynamic_form
  hpricot (>= 0.8.6)
  interface_utils (= 2.0.5)!
  jquery-rails
  json
  libv8 (= 3.3.10.2)
  memcache-client
  mongrel
  mysql2
  open_id_authentication
  passiverecord (= 0.2)!
  rack-openid
  rails (= 3.2.13)
  ruby-debug
  sass-rails (~> 3.2.3)
  shanti_integration (= 2.1.9)!
  therubyracer
  tinymce-rails (= 3.5.6)
  uglifier (>= 1.0.3)
  will_paginate (~> 3.0)
